PATH
  remote: .
  specs:
    spree (0.30.0.beta2)
      spree_api (= 0.30.0.beta2)
      spree_auth (= 0.30.0.beta2)
      spree_core (= 0.30.0.beta2)
      spree_dash (= 0.30.0.beta2)
      spree_sample (= 0.30.0.beta2)
    spree_api (0.30.0.beta2)
      spree_core (= 0.30.0.beta2)
    spree_auth (0.30.0.beta2)
      authlogic (= 2.1.6)
      cancan (>= 1.3.3)
      spree_core (= 0.30.0.beta2)
    spree_core (0.30.0.beta2)
      activemerchant (>= 1.7.1)
      acts_as_list (>= 0.1.2)
      faker (>= 0.3.1)
      highline (>= 1.5.1)
      paperclip (>= 2.3.1.1)
      rd_awesome_nested_set (>= 1.4.4)
      rd_resource_controller
      rd_searchlogic (>= 3.0.0.rc3)
      rd_unobtrusive_date_picker (>= 0.1.0)
      state_machine (>= 0.9.4)
      stringex (>= 1.0.3)
      will_paginate (>= 3.0.pre)
    spree_dash (0.30.0.beta2)
      spree_core (= 0.30.0.beta2)
    spree_sample (0.30.0.beta2)
      spree_core (= 0.30.0.beta2)

GEM
  remote: http://rubygems.org/
  specs:
    activemerchant (1.7.3)
      activesupport (>= 2.3.2)
      braintree (>= 2.0.0)
      builder (>= 2.0.0)
    activemodel (3.0.0)
      activesupport (= 3.0.0)
      builder (~> 2.1.2)
      i18n (~> 0.4.1)
    activerecord (3.0.0)
      activemodel (= 3.0.0)
      activesupport (= 3.0.0)
      arel (~> 1.0.0)
      tzinfo (~> 0.3.23)
    activesupport (3.0.0)
    acts_as_list (0.1.2)
    arel (1.0.1)
      activesupport (~> 3.0.0)
    authlogic (2.1.6)
      activesupport
    braintree (2.5.2)
      builder
    builder (2.1.2)
    cancan (1.3.4)
    capybara (0.3.9)
      culerity (>= 0.2.4)
      mime-types (>= 1.16)
      nokogiri (>= 1.3.3)
      rack (>= 1.0.0)
      rack-test (>= 0.5.4)
      selenium-webdriver (>= 0.0.3)
    columnize (0.3.1)
    cucumber (0.8.5)
      builder (~> 2.1.2)
      diff-lcs (~> 1.1.2)
      gherkin (~> 2.1.4)
      json_pure (~> 1.4.3)
      term-ansicolor (~> 1.0.4)
    cucumber-rails (0.3.2)
      cucumber (>= 0.8.0)
    culerity (0.2.12)
    database_cleaner (0.5.2)
    diff-lcs (1.1.2)
    fabrication (0.7.0)
    faker (0.3.1)
    ffi (0.6.3)
      rake (>= 0.8.7)
    gherkin (2.1.5)
      trollop (~> 1.16.2)
    highline (1.6.1)
    i18n (0.4.1)
    json_pure (1.4.6)
    linecache (0.43)
    mime-types (1.16)
    nokogiri (1.4.3.1)
    paperclip (2.3.3)
      activerecord
      activesupport
    rack (1.2.1)
    rack-test (0.5.4)
      rack (>= 1.0)
    rake (0.8.7)
    rd_awesome_nested_set (1.4.4)
      activerecord (>= 1.1)
    rd_resource_controller (1.0.0.rc)
    rd_searchlogic (3.0.0.rc3)
      activerecord (>= 3.0.0)
    rd_unobtrusive_date_picker (0.1.0)
    rdoc (2.2.0)
    rspec (2.0.0.beta.19)
      rspec-core (= 2.0.0.beta.19)
      rspec-expectations (= 2.0.0.beta.19)
      rspec-mocks (= 2.0.0.beta.19)
    rspec-core (2.0.0.beta.19)
    rspec-expectations (2.0.0.beta.19)
      diff-lcs (>= 1.1.2)
    rspec-mocks (2.0.0.beta.19)
    rspec-rails (2.0.0.beta.19)
      rspec (= 2.0.0.beta.19)
      webrat (>= 0.7.2.beta.1)
    ruby-debug (0.10.3)
      columnize (>= 0.1)
      ruby-debug-base (~> 0.10.3.0)
    ruby-debug-base (0.10.3)
      linecache (>= 0.3)
    rubyzip (0.9.4)
    selenium-webdriver (0.0.28)
      ffi (>= 0.6.1)
      json_pure
      rubyzip
    sqlite3-ruby (1.3.1)
    state_machine (0.9.4)
    stringex (1.1.0)
    term-ansicolor (1.0.5)
    thor (0.14.0)
    trollop (1.16.2)
    tzinfo (0.3.23)
    webrat (0.7.2.beta.1)
      nokogiri (>= 1.2.0)
      rack (>= 1.0)
      rack-test (>= 0.5.3)
    will_paginate (3.0.pre2)

PLATFORMS
  ruby

DEPENDENCIES
  capybara (~> 0.3.9)
  cucumber-rails (~> 0.3.2)
  database_cleaner (~> 0.5.2)
  fabrication
  rdoc (= 2.2)
  rspec-rails (= 2.0.0.beta.19)
  ruby-debug
  spree!
  spree_api (= 0.30.0.beta2)
  spree_auth (= 0.30.0.beta2)
  spree_core (= 0.30.0.beta2)
  spree_dash (= 0.30.0.beta2)
  spree_sample (= 0.30.0.beta2)
  sqlite3-ruby
  thor
