PATH
  remote: .
  specs:
    spree (0.30.0.beta1)
      spree_api (= 0.30.0.beta1)
      spree_auth (= 0.30.0.beta1)
      spree_core (= 0.30.0.beta1)
      spree_dash (= 0.30.0.beta1)
      spree_promotions (= 0.30.0.beta1)
      spree_sample (= 0.30.0.beta1)
    spree_api (0.30.0.beta1)
      spree_core (= 0.30.0.beta1)
    spree_auth (0.30.0.beta1)
      cancan (>= 1.3.3)
      devise (>= 1.1.2)
      spree_core (= 0.30.0.beta1)
    spree_core (0.30.0.beta1)
      activemerchant (>= 1.7.1)
      acts_as_list (>= 0.1.2)
      faker (>= 0.3.1)
      highline (>= 1.5.1)
      paperclip (>= 2.3.1.1)
      rd_awesome_nested_set (>= 1.4.4)
      rd_resource_controller
      rd_searchlogic (>= 3.0.0.rc2)
      rd_unobtrusive_date_picker (>= 0.1.0)
      state_machine (>= 0.9.4)
      stringex (>= 1.0.3)
      will_paginate (>= 3.0.pre)
    spree_dash (0.30.0.beta1)
      spree_core (= 0.30.0.beta1)
    spree_promotions (0.30.0.beta1)
      spree_core (= 0.30.0.beta1)
    spree_sample (0.30.0.beta1)
      spree_core (= 0.30.0.beta1)

GEM
  remote: http://rubygems.org/
  specs:
    activemerchant (1.7.2)
      activesupport (>= 2.3.2)
      braintree (>= 2.0.0)
      builder (>= 2.0.0)
    activemodel (3.0.0)
      activesupport (= 3.0.0)
      builder (~> 2.1.2)
      i18n (~> 0.4.1)
    activerecord (3.0.0)
      activemodel (= 3.0.0)
      activesupport (= 3.0.0)
      arel (~> 1.0.0)
      tzinfo (~> 0.3.23)
    activesupport (3.0.0)
    acts_as_list (0.1.2)
    arel (1.0.1)
      activesupport (~> 3.0.0)
    bcrypt-ruby (2.1.2)
    braintree (2.5.2)
      builder
    builder (2.1.2)
    cancan (1.3.4)
    columnize (0.3.1)
    devise (1.1.2)
      bcrypt-ruby (~> 2.1.2)
      warden (~> 0.10.7)
    faker (0.3.1)
    highline (1.6.1)
    i18n (0.4.1)
    linecache (0.43)
    paperclip (2.3.3)
      activerecord
      activesupport
    rack (1.2.1)
    rd_awesome_nested_set (1.4.4)
      activerecord (>= 1.1)
    rd_resource_controller (1.0.0.rc)
    rd_searchlogic (3.0.0.rc2)
      activerecord (>= 3.0.0)
    rd_unobtrusive_date_picker (0.1.0)
    rdoc (2.2.0)
    ruby-debug (0.10.3)
      columnize (>= 0.1)
      ruby-debug-base (~> 0.10.3.0)
    ruby-debug-base (0.10.3)
      linecache (>= 0.3)
    sqlite3-ruby (1.3.1)
    state_machine (0.9.4)
    stringex (1.1.0)
    tzinfo (0.3.23)
    warden (0.10.7)
      rack (>= 1.0.0)
    will_paginate (3.0.pre2)

PLATFORMS
  ruby

DEPENDENCIES
  rdoc (= 2.2)
  ruby-debug
  spree!
  sqlite3-ruby
